PATH
  remote: .
  specs:
    omniauth-discogs (0.0.3)
      omniauth-oauth (~> 1.0)

GEM
  remote: https://rubygems.org/
  specs:
    hashie (3.6.0)
    oauth (0.5.4)
    omniauth (1.9.0)
      hashie (>= 3.4.6, < 3.7.0)
      rack (>= 1.6.2, < 3)
    omniauth-oauth (1.1.0)
      oauth
      omniauth (~> 1.0)
    rack (2.1.1)

PLATFORMS
  ruby

DEPENDENCIES
  omniauth-discogs!

BUNDLED WITH
   1.17.1
